{
    "Modality": "MR",
    "MagneticFieldStrength": 3,
    "ImagingFrequency": 123.254,
    "Manufacturer": "Siemens",
    "ManufacturersModelName": "Prisma",
    "InstitutionName": "SKKU",
    "InstitutionalDepartmentName": "Department",
    "InstitutionAddress": "Street StreetNo,City/2c4e04/,District,KR,ZIP",
    "DeviceSerialNumber": "66061",
    "StationName": "AWP66061",
    "BodyPartExamined": "BRAIN",
    "PatientPosition": "HFS",
    "ProcedureStepDescription": "COCOAN^fMRI MBEPI",
    "SoftwareVersions": "syngo MR E11",
    "MRAcquisitionType": "2D",
    "SeriesDescription": "distortion_corr_PA",
    "ProtocolName": "distortion_corr_PA",
    "ScanningSequence": "EP",
    "SequenceVariant": "SK\\SP",
    "ScanOptions": "FS",
    "SequenceName": "*epse2d1_80",
    "ImageType": [
        "ORIGINAL",
        "PRIMARY",
        "M",
        "ND"
    ],
    "NonlinearGradientCorrection": false,
    "SeriesNumber": 4,
    "AcquisitionTime": "10:05:5.552500",
    "AcquisitionNumber": 1,
    "SliceThickness": 2.7,
    "SpacingBetweenSlices": 2.7,
    "SAR": 0.134458,
    "EchoTime": 0.073,
    "RepetitionTime": 7.22,
    "SpoilingState": true,
    "FlipAngle": 90,
    "PartialFourier": 1,
    "BaseResolution": 80,
    "ShimSetting": [
        5041,
        3694,
        4515,
        462,
        -81,
        -178,
        18,
        37
    ],
    "TxRefAmp": 221.488,
    "PhaseResolution": 1,
    "ReceiveCoilName": "HeadNeck_64",
    "ReceiveCoilActiveElements": "HC1-7;NC1",
    "PulseSequenceDetails": "%SiemensSeq%\\ep2d_se",
    "CoilCombinationMethod": "Sum of Squares",
    "ConsistencyInfo": "N4_VE11C_LATEST_20160120",
    "MatrixCoilMode": "SENSE",
    "PercentPhaseFOV": 100,
    "PercentSampling": 100,
    "EchoTrainLength": 80,
    "PhaseEncodingSteps": 80,
    "AcquisitionMatrixPE": 80,
    "ReconMatrixPE": 80,
    "BandwidthPerPixelPhaseEncode": 25.51,
    "EffectiveEchoSpacing": 0.000490004,
    "DerivedVendorReportedEchoSpacing": 0.000490004,
    "TotalReadoutTime": 0.0387103,
    "PixelBandwidth": 2975,
    "DwellTime": 2.1e-06,
    "PhaseEncodingDirection": "j",
    "SliceTiming": [
        3.60938,
        0,
        3.73438,
        0.125,
        3.86719,
        0.25781,
        3.99219,
        0.38281,
        4.125,
        0.51562,
        4.25,
        0.64062,
        4.38281,
        0.77344,
        4.50781,
        0.89844,
        4.64062,
        1.03125,
        4.76562,
        1.15625,
        4.89844,
        1.28906,
        5.02344,
        1.41406,
        5.15625,
        1.54688,
        5.28125,
        1.67188,
        5.41406,
        1.80469,
        5.53906,
        1.92969,
        5.67188,
        2.0625,
        5.79688,
        2.1875,
        5.92969,
        2.32031,
        6.05469,
        2.44531,
        6.1875,
        2.57812,
        6.3125,
        2.70312,
        6.44531,
        2.83594,
        6.57031,
        2.96094,
        6.70312,
        3.09375,
        6.82812,
        3.21875,
        6.96094,
        3.35156,
        7.08594,
        3.47656
    ],
    "ImageOrientationPatientDICOM": [
        0.999711,
        -0.00869764,
        -0.0224061,
        -1.06709e-08,
        0.932227,
        -0.361874
    ],
    "ImageOrientationText": "Tra>Cor(-21.2)>Sag(-1.4)",
    "InPlanePhaseEncodingDirectionDICOM": "COL",
    "ConversionSoftware": "dcm2niix",
    "ConversionSoftwareVersion": "v1.0.20220720",
    "Dcm2bidsVersion": "2.1.7",
    "IntendedFor": [
        "ses-06/func/sub-deipp01_ses-06_task-rest_bold.nii.gz",
        "ses-06/func/sub-deipp01_ses-06_task-rating_run-1_bold.nii.gz",
        "ses-06/func/sub-deipp01_ses-06_task-rating_run-2_bold.nii.gz",
        "ses-06/func/sub-deipp01_ses-06_task-rating_run-3_bold.nii.gz"
    ]
}
