{
    "Modality": "MR",
    "MagneticFieldStrength": 3,
    "ImagingFrequency": 123.255,
    "Manufacturer": "Siemens",
    "ManufacturersModelName": "Prisma",
    "InstitutionName": "SKKU",
    "InstitutionalDepartmentName": "Department",
    "InstitutionAddress": "Street StreetNo,City/2c4e04/,District,KR,ZIP",
    "DeviceSerialNumber": "66061",
    "StationName": "AWP66061",
    "BodyPartExamined": "BRAIN",
    "PatientPosition": "HFS",
    "ProcedureStepDescription": "COCOAN^fMRI MBEPI",
    "SoftwareVersions": "syngo MR E11",
    "MRAcquisitionType": "2D",
    "SeriesDescription": "distortion_corr_AP",
    "ProtocolName": "distortion_corr_AP",
    "ScanningSequence": "EP",
    "SequenceVariant": "SK\\SP",
    "ScanOptions": "FS",
    "SequenceName": "*epse2d1_80",
    "ImageType": [
        "ORIGINAL",
        "PRIMARY",
        "M",
        "ND"
    ],
    "NonlinearGradientCorrection": false,
    "SeriesNumber": 4,
    "AcquisitionTime": "21:10:13.950000",
    "AcquisitionNumber": 1,
    "SliceThickness": 2.7,
    "SpacingBetweenSlices": 2.7,
    "SAR": 0.146864,
    "EchoTime": 0.073,
    "RepetitionTime": 7.22,
    "SpoilingState": true,
    "FlipAngle": 90,
    "PartialFourier": 1,
    "BaseResolution": 80,
    "ShimSetting": [
        5062,
        3792,
        4410,
        399,
        29,
        -160,
        -89,
        -63
    ],
    "TxRefAmp": 245.04,
    "PhaseResolution": 1,
    "ReceiveCoilName": "HeadNeck_64",
    "ReceiveCoilActiveElements": "HC1-7;NC1",
    "PulseSequenceDetails": "%SiemensSeq%\\ep2d_se",
    "CoilCombinationMethod": "Sum of Squares",
    "ConsistencyInfo": "N4_VE11C_LATEST_20160120",
    "MatrixCoilMode": "SENSE",
    "PercentPhaseFOV": 100,
    "PercentSampling": 100,
    "EchoTrainLength": 80,
    "PhaseEncodingSteps": 80,
    "AcquisitionMatrixPE": 80,
    "ReconMatrixPE": 80,
    "BandwidthPerPixelPhaseEncode": 25.51,
    "EffectiveEchoSpacing": 0.000490004,
    "DerivedVendorReportedEchoSpacing": 0.000490004,
    "TotalReadoutTime": 0.0387103,
    "PixelBandwidth": 2975,
    "DwellTime": 2.1e-06,
    "PhaseEncodingDirection": "j-",
    "SliceTiming": [
        3.60938,
        0,
        3.73438,
        0.125,
        3.85938,
        0.25,
        4,
        0.39062,
        4.125,
        0.51562,
        4.25,
        0.64062,
        4.375,
        0.76562,
        4.51562,
        0.90625,
        4.64062,
        1.03125,
        4.76562,
        1.15625,
        4.89062,
        1.28125,
        5.03125,
        1.42188,
        5.15625,
        1.54688,
        5.28125,
        1.67188,
        5.40625,
        1.79688,
        5.54688,
        1.9375,
        5.67188,
        2.0625,
        5.79688,
        2.1875,
        5.92188,
        2.3125,
        6.0625,
        2.45312,
        6.1875,
        2.57812,
        6.3125,
        2.70312,
        6.4375,
        2.82812,
        6.57812,
        2.96875,
        6.70312,
        3.09375,
        6.82812,
        3.21875,
        6.95312,
        3.34375,
        7.09375,
        3.48438
    ],
    "ImageOrientationPatientDICOM": [
        0.998857,
        0.016206,
        0.0449708,
        -4.40696e-08,
        0.940778,
        -0.339024
    ],
    "ImageOrientationText": "Tra>Cor(-19.8)>Sag(2.7)",
    "InPlanePhaseEncodingDirectionDICOM": "COL",
    "ConversionSoftware": "dcm2niix",
    "ConversionSoftwareVersion": "v1.0.20220720",
    "Dcm2bidsVersion": "2.1.7",
    "IntendedFor": [
        "ses-09/func/sub-deipp02_ses-09_task-rest_bold.nii.gz",
        "ses-09/func/sub-deipp02_ses-09_task-rating_run-1_bold.nii.gz",
        "ses-09/func/sub-deipp02_ses-09_task-rating_run-2_bold.nii.gz",
        "ses-09/func/sub-deipp02_ses-09_task-rating_run-3_bold.nii.gz"
    ]
}
