{
    "Modality": "MR",
    "MagneticFieldStrength": 3,
    "ImagingFrequency": 123.248,
    "Manufacturer": "Siemens",
    "ManufacturersModelName": "Prisma",
    "InstitutionName": "SKKU",
    "InstitutionalDepartmentName": "Department",
    "InstitutionAddress": "Street StreetNo,City/2c4e04/,District,KR,ZIP",
    "DeviceSerialNumber": "66061",
    "StationName": "AWP66061",
    "BodyPartExamined": "BRAIN",
    "PatientPosition": "HFS",
    "ProcedureStepDescription": "COCOAN^fMRI MBEPI",
    "SoftwareVersions": "syngo MR E11",
    "MRAcquisitionType": "2D",
    "SeriesDescription": "RUN4_2.7iso_ap_64ch_sms_AP",
    "ProtocolName": "RUN4_2.7iso_ap_64ch_sms_AP",
    "ScanningSequence": "EP",
    "SequenceVariant": "SK",
    "ScanOptions": "FS",
    "SequenceName": "*epfid2d1_80",
    "ImageType": [
        "ORIGINAL",
        "PRIMARY",
        "M",
        "ND",
        "NORM",
        "MOSAIC"
    ],
    "NonlinearGradientCorrection": false,
    "SeriesNumber": 8,
    "AcquisitionTime": "11:43:27.857500",
    "AcquisitionNumber": 1,
    "SliceThickness": 2.7,
    "SpacingBetweenSlices": 2.7,
    "SAR": 0.0712636,
    "EchoTime": 0.026,
    "RepetitionTime": 0.46,
    "FlipAngle": 44,
    "PartialFourier": 1,
    "BaseResolution": 80,
    "ShimSetting": [
        5053,
        3720,
        4472,
        403,
        19,
        -98,
        41,
        7
    ],
    "TxRefAmp": 222.911,
    "PhaseResolution": 1,
    "ReceiveCoilName": "HeadNeck_64",
    "ReceiveCoilActiveElements": "HC1-7;NC1",
    "PulseSequenceDetails": "%SiemensSeq%\\ep2d_bold",
    "RefLinesPE": 24,
    "CoilCombinationMethod": "Sum of Squares",
    "ConsistencyInfo": "N4_VE11C_LATEST_20160120",
    "MultibandAccelerationFactor": 8,
    "PercentPhaseFOV": 100,
    "PercentSampling": 100,
    "EchoTrainLength": 80,
    "PhaseEncodingSteps": 80,
    "AcquisitionMatrixPE": 80,
    "ReconMatrixPE": 80,
    "BandwidthPerPixelPhaseEncode": 25.51,
    "EffectiveEchoSpacing": 0.000490004,
    "DerivedVendorReportedEchoSpacing": 0.000490004,
    "TotalReadoutTime": 0.0387103,
    "PixelBandwidth": 2975,
    "DwellTime": 2.1e-06,
    "PhaseEncodingDirection": "j-",
    "SliceTiming": [
        0.1875,
        0,
        0.25,
        0.0625,
        0.315,
        0.125,
        0.3775,
        0.1875,
        0,
        0.25,
        0.0625,
        0.315,
        0.125,
        0.3775,
        0.1875,
        0,
        0.25,
        0.0625,
        0.315,
        0.125,
        0.3775,
        0.1875,
        0,
        0.25,
        0.0625,
        0.315,
        0.125,
        0.3775,
        0.1875,
        0,
        0.25,
        0.0625,
        0.315,
        0.125,
        0.3775,
        0.1875,
        0,
        0.25,
        0.0625,
        0.315,
        0.125,
        0.3775,
        0.1875,
        0,
        0.25,
        0.0625,
        0.315,
        0.125,
        0.3775,
        0.1875,
        0,
        0.25,
        0.0625,
        0.315,
        0.125,
        0.3775
    ],
    "ImageOrientationPatientDICOM": [
        0.999998,
        0.000708918,
        0.00178969,
        -1.05701e-08,
        0.92972,
        -0.368268
    ],
    "ImageOrientationText": "Tra>Cor(-21.6)>Sag(0.1)",
    "InPlanePhaseEncodingDirectionDICOM": "COL",
    "ConversionSoftware": "dcm2niix",
    "ConversionSoftwareVersion": "v1.0.20220720",
    "Dcm2bidsVersion": "2.1.7",
    "TaskName": "rating"
}