{
    "Modality": "MR",
    "MagneticFieldStrength": 3,
    "ImagingFrequency": 123.255,
    "Manufacturer": "Siemens",
    "ManufacturersModelName": "Prisma",
    "InstitutionName": "SKKU",
    "InstitutionalDepartmentName": "Department",
    "InstitutionAddress": "Street StreetNo,City/2c4e04/,District,KR,ZIP",
    "DeviceSerialNumber": "66061",
    "StationName": "AWP66061",
    "BodyPartExamined": "BRAIN",
    "PatientPosition": "HFS",
    "ProcedureStepDescription": "COCOAN^fMRI MBEPI",
    "SoftwareVersions": "syngo MR E11",
    "MRAcquisitionType": "2D",
    "SeriesDescription": "distortion_corr_PA",
    "ProtocolName": "distortion_corr_PA",
    "ScanningSequence": "EP",
    "SequenceVariant": "SK\\SP",
    "ScanOptions": "FS",
    "SequenceName": "*epse2d1_80",
    "ImageType": [
        "ORIGINAL",
        "PRIMARY",
        "M",
        "ND"
    ],
    "NonlinearGradientCorrection": false,
    "SeriesNumber": 4,
    "AcquisitionTime": "10:55:12.430000",
    "AcquisitionNumber": 1,
    "SliceThickness": 2.7,
    "SpacingBetweenSlices": 2.7,
    "SAR": 0.133715,
    "EchoTime": 0.073,
    "RepetitionTime": 7.22,
    "SpoilingState": true,
    "FlipAngle": 90,
    "PartialFourier": 1,
    "BaseResolution": 80,
    "ShimSetting": [
        5045,
        3708,
        4474,
        412,
        -29,
        -124,
        20,
        -60
    ],
    "TxRefAmp": 221.69,
    "PhaseResolution": 1,
    "ReceiveCoilName": "HeadNeck_64",
    "ReceiveCoilActiveElements": "HC1-7;NC1",
    "PulseSequenceDetails": "%SiemensSeq%\\ep2d_se",
    "CoilCombinationMethod": "Sum of Squares",
    "ConsistencyInfo": "N4_VE11C_LATEST_20160120",
    "MatrixCoilMode": "SENSE",
    "PercentPhaseFOV": 100,
    "PercentSampling": 100,
    "EchoTrainLength": 80,
    "PhaseEncodingSteps": 80,
    "AcquisitionMatrixPE": 80,
    "ReconMatrixPE": 80,
    "BandwidthPerPixelPhaseEncode": 25.51,
    "EffectiveEchoSpacing": 0.000490004,
    "DerivedVendorReportedEchoSpacing": 0.000490004,
    "TotalReadoutTime": 0.0387103,
    "PixelBandwidth": 2975,
    "DwellTime": 2.1e-06,
    "PhaseEncodingDirection": "j",
    "SliceTiming": [
        3.60938,
        0,
        3.74219,
        0.13281,
        3.86719,
        0.25781,
        4,
        0.39062,
        4.125,
        0.51562,
        4.25781,
        0.64844,
        4.38281,
        0.77344,
        4.51562,
        0.89844,
        4.64062,
        1.03125,
        4.77344,
        1.15625,
        4.89844,
        1.28906,
        5.03125,
        1.42188,
        5.15625,
        1.54688,
        5.28906,
        1.67969,
        5.41406,
        1.80469,
        5.54688,
        1.9375,
        5.67188,
        2.0625,
        5.80469,
        2.19531,
        5.92969,
        2.32031,
        6.0625,
        2.45312,
        6.1875,
        2.57812,
        6.32031,
        2.71094,
        6.44531,
        2.83594,
        6.57812,
        2.96094,
        6.70312,
        3.09375,
        6.83594,
        3.22656,
        6.96094,
        3.35156,
        7.09375,
        3.48438
    ],
    "ImageOrientationPatientDICOM": [
        0.999711,
        -0.00794992,
        -0.0226822,
        -7.21105e-08,
        0.943713,
        -0.330767
    ],
    "ImageOrientationText": "Tra>Cor(-19.3)>Sag(-1.4)",
    "InPlanePhaseEncodingDirectionDICOM": "COL",
    "ConversionSoftware": "dcm2niix",
    "ConversionSoftwareVersion": "v1.0.20220720",
    "Dcm2bidsVersion": "2.1.7",
    "IntendedFor": [
        "ses-03/func/sub-deipp01_ses-03_task-rest_bold.nii.gz",
        "ses-03/func/sub-deipp01_ses-03_task-rating_run-1_bold.nii.gz",
        "ses-03/func/sub-deipp01_ses-03_task-rating_run-2_bold.nii.gz",
        "ses-03/func/sub-deipp01_ses-03_task-rating_run-3_bold.nii.gz"
    ]
}
