{
    "Modality": "MR",
    "MagneticFieldStrength": 3,
    "ImagingFrequency": 123.254,
    "Manufacturer": "Siemens",
    "ManufacturersModelName": "Prisma",
    "InstitutionName": "SKKU",
    "InstitutionalDepartmentName": "Department",
    "InstitutionAddress": "Street StreetNo,City/2c4e04/,District,KR,ZIP",
    "DeviceSerialNumber": "66061",
    "StationName": "AWP66061",
    "BodyPartExamined": "BRAIN",
    "PatientPosition": "HFS",
    "ProcedureStepDescription": "COCOAN^fMRI MBEPI",
    "SoftwareVersions": "syngo MR E11",
    "MRAcquisitionType": "2D",
    "SeriesDescription": "distortion_corr_PA",
    "ProtocolName": "distortion_corr_PA",
    "ScanningSequence": "EP",
    "SequenceVariant": "SK\\SP",
    "ScanOptions": "FS",
    "SequenceName": "*epse2d1_80",
    "ImageType": [
        "ORIGINAL",
        "PRIMARY",
        "M",
        "ND"
    ],
    "NonlinearGradientCorrection": false,
    "SeriesNumber": 4,
    "AcquisitionTime": "20:58:17.317500",
    "AcquisitionNumber": 1,
    "SliceThickness": 2.7,
    "SpacingBetweenSlices": 2.7,
    "SAR": 0.145075,
    "EchoTime": 0.073,
    "RepetitionTime": 7.22,
    "SpoilingState": true,
    "FlipAngle": 90,
    "PartialFourier": 1,
    "BaseResolution": 80,
    "ShimSetting": [
        5050,
        3779,
        4395,
        377,
        50,
        -186,
        24,
        -106
    ],
    "TxRefAmp": 245.171,
    "PhaseResolution": 1,
    "ReceiveCoilName": "HeadNeck_64",
    "ReceiveCoilActiveElements": "HC1-7;NC1",
    "PulseSequenceDetails": "%SiemensSeq%\\ep2d_se",
    "CoilCombinationMethod": "Sum of Squares",
    "ConsistencyInfo": "N4_VE11C_LATEST_20160120",
    "MatrixCoilMode": "SENSE",
    "PercentPhaseFOV": 100,
    "PercentSampling": 100,
    "EchoTrainLength": 80,
    "PhaseEncodingSteps": 80,
    "AcquisitionMatrixPE": 80,
    "ReconMatrixPE": 80,
    "BandwidthPerPixelPhaseEncode": 25.51,
    "EffectiveEchoSpacing": 0.000490004,
    "DerivedVendorReportedEchoSpacing": 0.000490004,
    "TotalReadoutTime": 0.0387103,
    "PixelBandwidth": 2975,
    "DwellTime": 2.1e-06,
    "PhaseEncodingDirection": "j",
    "SliceTiming": [
        3.60938,
        0,
        3.73438,
        0.125,
        3.875,
        0.26562,
        4,
        0.39062,
        4.125,
        0.51562,
        4.25,
        0.65625,
        4.39062,
        0.78125,
        4.51562,
        0.90625,
        4.64062,
        1.03125,
        4.78125,
        1.17188,
        4.90625,
        1.29688,
        5.03125,
        1.42188,
        5.15625,
        1.54688,
        5.29688,
        1.67188,
        5.42188,
        1.8125,
        5.54688,
        1.9375,
        5.67188,
        2.0625,
        5.79688,
        2.1875,
        5.9375,
        2.32812,
        6.0625,
        2.45312,
        6.1875,
        2.57812,
        6.3125,
        2.71875,
        6.45312,
        2.84375,
        6.57812,
        2.96875,
        6.70312,
        3.09375,
        6.84375,
        3.23438,
        6.96875,
        3.35938,
        7.09375,
        3.48438
    ],
    "ImageOrientationPatientDICOM": [
        0.999701,
        -0.0101707,
        -0.0222146,
        3.45016e-08,
        0.909236,
        -0.416281
    ],
    "ImageOrientationText": "Tra>Cor(-24.6)>Sag(-1.4)",
    "InPlanePhaseEncodingDirectionDICOM": "COL",
    "ConversionSoftware": "dcm2niix",
    "ConversionSoftwareVersion": "v1.0.20220720",
    "Dcm2bidsVersion": "2.1.7",
    "IntendedFor": [
        "ses-05/func/sub-deipp02_ses-05_task-rest_bold.nii.gz",
        "ses-05/func/sub-deipp02_ses-05_task-rating_run-1_bold.nii.gz",
        "ses-05/func/sub-deipp02_ses-05_task-rating_run-2_bold.nii.gz",
        "ses-05/func/sub-deipp02_ses-05_task-rating_run-3_bold.nii.gz"
    ]
}
